GIT
  remote: git://github.com/EiNSTeiN-/html_tokenizer.git
  revision: 46eed9801e720ea42cb013b8db4e9af5c83e9c9f
  specs:
    html_tokenizer (0.0.1)

PATH
  remote: .
  specs:
    better_html (0.0.1)

GEM
  remote: https://rubygems.org/
  specs:
    activesupport (4.2.6)
      i18n (~> 0.7)
      json (~> 1.7, >= 1.7.7)
      minitest (~> 5.1)
      thread_safe (~> 0.3, >= 0.3.4)
      tzinfo (~> 1.1)
    i18n (0.7.0)
    json (1.8.3)
    minitest (5.9.0)
    rake (11.1.2)
    rake-compiler (0.9.9)
      rake
    thread_safe (0.3.5)
    tzinfo (1.2.2)
      thread_safe (~> 0.1)

PLATFORMS
  ruby

DEPENDENCIES
  activesupport (~> 4.2.1)
  better_html!
  html_tokenizer!
  minitest
  rake
  rake-compiler (~> 0)

BUNDLED WITH
   1.12.5
