PATH
  remote: .
  specs:
    better_html (0.0.3)
      erubis (~> 2.7.0)

GEM
  remote: https://rubygems.org/
  specs:
    actionview (5.1.2)
      activesupport (= 5.1.2)
      builder (~> 3.1)
      erubi (~> 1.4)
      rails-dom-testing (~> 2.0)
      rails-html-sanitizer (~> 1.0, >= 1.0.3)
    activesupport (5.1.2)
      concurrent-ruby (~> 1.0, >= 1.0.2)
      i18n (~> 0.7)
      minitest (~> 5.1)
      tzinfo (~> 1.1)
    builder (3.2.3)
    concurrent-ruby (1.0.5)
    erubi (1.6.1)
    erubis (2.7.0)
    highline (1.6.20)
    html_tokenizer (0.0.1)
    i18n (0.8.6)
    json_pure (1.8.1)
    loofah (2.0.3)
      nokogiri (>= 1.5.9)
    metaclass (0.0.4)
    mime-types (2.99.3)
    mini_portile2 (2.2.0)
    minitest (5.10.3)
    mocha (1.2.1)
      metaclass (~> 0.0.1)
    netrc (0.11.0)
    nokogiri (1.8.0)
      mini_portile2 (~> 2.2.0)
    package_cloud (0.2.45)
      highline (= 1.6.20)
      json_pure (= 1.8.1)
      rainbow (= 2.2.2)
      rest-client (~> 1.7.3)
      thor (~> 0.18)
    rails-dom-testing (2.0.3)
      activesupport (>= 4.2.0)
      nokogiri (>= 1.6)
    rails-html-sanitizer (1.0.3)
      loofah (~> 2.0)
    rainbow (2.2.2)
      rake
    rake (11.1.2)
    rest-client (1.7.3)
      mime-types (>= 1.16, < 3.0)
      netrc (~> 0.7)
    thor (0.20.0)
    thread_safe (0.3.6)
    tzinfo (1.2.3)
      thread_safe (~> 0.1)

PLATFORMS
  ruby

DEPENDENCIES
  actionview
  activesupport (~> 5.1)
  better_html!
  erubis
  html_tokenizer
  minitest
  mocha
  package_cloud
  rake

BUNDLED WITH
   1.16.0.pre.3
